GEM
  remote: https://rubygems.org/
  specs:
    rake (13.2.1)

PLATFORMS
  aarch64-linux
  arm64-darwin
  ruby
  x86-linux
  x86_64-darwin
  x86_64-linux

DEPENDENCIES
  rake (~> 13.0)

BUNDLED WITH
   2.5.22
